GEM
  remote: https://rubygems.org/
  specs:
    ffi (1.15.5)
    jekyll-watch (2.2.1)
      listen (~> 3.0)
    kramdown (2.4.0)
      rexml
    kramdown-parser-gfm (1.1.0)
      kramdown (~> 2.0)
    listen (3.7.1)
      rb-fsevent (~> 0.10, >= 0.10.3)
      rb-inotify (~> 0.9, >= 0.9.10)
    rb-fsevent (0.11.1)
    rb-inotify (0.10.1)
      ffi (~> 1.0)
    rexml (3.2.5)

PLATFORMS
  universal-darwin-21
  universal-darwin-22

DEPENDENCIES
  jekyll-watch
  kramdown-parser-gfm

BUNDLED WITH
   2.3.17
